GEM
  remote: https://rubygems.org/
  specs:
    ruby-bare-esi (0.0.1)

PLATFORMS
  ruby

DEPENDENCIES
  ruby-bare-esi

BUNDLED WITH
   2.0.2
